GEM
  remote: http://rubygems.org/
  specs:
    archive-tar-minitar (0.5.2)
    cheat (1.3.3)
      pager (~> 1.0)
    coderay (1.0.8)
    columnize (0.3.6)
    facets (2.9.3)
    linecache19 (0.5.12)
      ruby_core_source (>= 0.1.4)
    method_source (0.8.1)
    pager (1.0.1)
    pry (0.9.12)
      coderay (~> 1.0.5)
      method_source (~> 0.8)
      slop (~> 3.4)
    pry-doc (0.4.4)
      pry (>= 0.9.9.6)
      yard (~> 0.8.1)
    ruby-debug-base19 (0.11.25)
      columnize (>= 0.3.1)
      linecache19 (>= 0.5.11)
      ruby_core_source (>= 0.1.4)
    ruby-debug19 (0.11.6)
      columnize (>= 0.3.1)
      linecache19 (>= 0.5.11)
      ruby-debug-base19 (>= 0.11.19)
    ruby_core_source (0.1.5)
      archive-tar-minitar (>= 0.5.2)
    slop (3.4.3)
    yard (0.8.4.1)

PLATFORMS
  ruby

DEPENDENCIES
  cheat
  facets
  pry
  pry-doc
  ruby-debug19
